PATH
  remote: .
  specs:
    flexible_accessibility (0.3.4)

GEM
  remote: http://rubygems.org/
  specs:
    diff-lcs (1.2.4)
    i18n (0.6.5)
    json (1.8.0)
    rdoc (4.0.1)
      json (~> 1.4)
    rspec (2.14.1)
      rspec-core (~> 2.14.0)
      rspec-expectations (~> 2.14.0)
      rspec-mocks (~> 2.14.0)
    rspec-core (2.14.5)
    rspec-expectations (2.14.2)
      diff-lcs (>= 1.1.3, < 2.0)
    rspec-mocks (2.14.3)

PLATFORMS
  ruby

DEPENDENCIES
  bundler
  flexible_accessibility!
  i18n
  rdoc
  rspec
